GEM
  remote: https://rubygems.org/
  remote: https://rails-assets.org/
  specs:
    archive-tar-minitar (0.5.2)
    backports (3.6.3)
    coffee-script (2.3.0)
      coffee-script-source
      execjs
    coffee-script-source (1.8.0)
    docker-api (1.13.6)
      archive-tar-minitar
      excon (>= 0.38.0)
      json
    excon (0.40.0)
    execjs (2.2.2)
    hike (1.2.3)
    json (1.8.1)
    multi_json (1.10.1)
    rack (1.5.2)
    rack-protection (1.5.3)
      rack
    rack-test (0.6.2)
      rack (>= 1.0)
    rails-assets-bootstrap (3.3.0)
      rails-assets-jquery (>= 1.9.1)
    rails-assets-bootstrap-css (3.2.0)
    rails-assets-jquery (2.1.1)
    rails-assets-vis (3.6.3)
    sass (3.4.7)
    sinatra (1.4.5)
      rack (~> 1.4)
      rack-protection (~> 1.4)
      tilt (~> 1.3, >= 1.3.4)
    sinatra-contrib (1.4.2)
      backports (>= 2.0)
      multi_json
      rack-protection
      rack-test
      sinatra (~> 1.4.0)
      tilt (~> 1.3)
    sinatra-reloader (1.0)
      sinatra-contrib
    slim (2.1.0)
      temple (~> 0.6.9)
      tilt (>= 1.3.3, < 2.1)
    sprockets (2.12.3)
      hike (~> 1.2)
      multi_json (~> 1.0)
      rack (~> 1.0)
      tilt (~> 1.1, != 1.3.0)
    sprockets-helpers (1.1.0)
      sprockets (~> 2.0)
    temple (0.6.10)
    tilt (1.4.1)

PLATFORMS
  ruby

DEPENDENCIES
  coffee-script
  docker-api
  rails-assets-bootstrap
  rails-assets-bootstrap-css
  rails-assets-jquery
  rails-assets-vis
  sass
  sinatra (~> 1.4.5)
  sinatra-reloader
  slim
  sprockets
  sprockets-helpers
